GEM
  remote: https://gems.ruby-china.com/
  specs:
    activemodel (6.1.1)
      activesupport (= 6.1.1)
    activerecord (6.1.1)
      activemodel (= 6.1.1)
      activesupport (= 6.1.1)
    activesupport (6.1.1)
      concurrent-ruby (~> 1.0, >= 1.0.2)
      i18n (>= 1.6, < 2)
      minitest (>= 5.1)
      tzinfo (~> 2.0)
      zeitwerk (~> 2.3)
    awesome_print (1.7.0)
    byebug (9.0.6)
    coderay (1.1.1)
    concurrent-ruby (1.1.7)
    i18n (1.8.7)
      concurrent-ruby (~> 1.0)
    method_source (0.8.2)
    mini_portile2 (2.1.0)
    minitest (5.14.3)
    nokogiri (1.7.0)
      mini_portile2 (~> 2.1.0)
    pg (0.19.0)
    pry (0.10.4)
      coderay (~> 1.1.0)
      method_source (~> 0.8.1)
      slop (~> 3.4)
    pry-byebug (3.4.2)
      byebug (~> 9.0)
      pry (~> 0.10)
    slop (3.6.0)
    sqlite3 (1.3.12)
    tzinfo (2.0.4)
      concurrent-ruby (~> 1.0)
    zeitwerk (2.4.2)

PLATFORMS
  ruby

DEPENDENCIES
  activerecord
  activesupport
  awesome_print
  nokogiri
  pg (~> 0.18)
  pry
  pry-byebug
  sqlite3

BUNDLED WITH
   1.13.6
