GEM
  remote: https://gems.ruby-china.com/
  specs:
    activemodel (5.0.1)
      activesupport (= 5.0.1)
    activerecord (5.0.1)
      activemodel (= 5.0.1)
      activesupport (= 5.0.1)
      arel (~> 7.0)
    activesupport (5.0.1)
      concurrent-ruby (~> 1.0, >= 1.0.2)
      i18n (~> 0.7)
      minitest (~> 5.1)
      tzinfo (~> 1.1)
    arel (7.1.4)
    awesome_print (1.7.0)
    byebug (9.0.6)
    coderay (1.1.1)
    concurrent-ruby (1.0.4)
    i18n (0.7.0)
    method_source (0.8.2)
    mini_portile2 (2.5.0)
    minitest (5.10.1)
    nokogiri (1.11.0)
      mini_portile2 (~> 2.5.0)
      racc (~> 1.4)
    pg (0.19.0)
    pry (0.10.4)
      coderay (~> 1.1.0)
      method_source (~> 0.8.1)
      slop (~> 3.4)
    pry-byebug (3.4.2)
      byebug (~> 9.0)
      pry (~> 0.10)
    racc (1.5.2)
    slop (3.6.0)
    sqlite3 (1.3.12)
    thread_safe (0.3.5)
    tzinfo (1.2.2)
      thread_safe (~> 0.1)

PLATFORMS
  ruby

DEPENDENCIES
  activerecord
  activesupport
  awesome_print
  nokogiri
  pg (~> 0.18)
  pry
  pry-byebug
  sqlite3

BUNDLED WITH
   1.13.6
